GEM
  remote: https://rubygems.org/
  specs:
    faraday (0.8.1)
      multipart-post (~> 1.1)
    koala (1.5.0)
      faraday (~> 0.7)
      multi_json (~> 1.3)
    multi_json (1.3.6)
    multipart-post (1.1.5)

PLATFORMS
  ruby

DEPENDENCIES
  koala
